PATH
  remote: .
  specs:
    wiskey (0.0.4)
      sass (>= 3.1)

GEM
  remote: http://rubygems.org/
  specs:
    sass (3.1.12)

PLATFORMS
  ruby

DEPENDENCIES
  wiskey!
